GEM
  remote: https://rubygems.org/
  specs:
    coderay (1.1.3)
    commander (4.6.0)
      highline (~> 2.0.0)
    dotenv (2.7.6)
    file-tail (1.2.0)
      tins (~> 1.0)
    fileutils (1.5.0)
    highline (2.0.3)
    method_source (1.0.0)
    mysql2 (0.5.3)
    pry (0.14.1)
      coderay (~> 1.1)
      method_source (~> 1.0)
    sync (0.5.0)
    tins (1.29.1)
      sync

PLATFORMS
  x64-mingw32

DEPENDENCIES
  commander
  dotenv
  file-tail
  fileutils
  mysql2
  pry

BUNDLED WITH
   2.2.15
