GEM
  remote: https://rubygems.org/
  specs:
    coderay (1.1.3)
    commander (4.5.2)
      highline (~> 2.0.0)
    highline (2.0.3)
    method_source (1.0.0)
    pry (0.13.1)
      coderay (~> 1.1)
      method_source (~> 1.0)

PLATFORMS
  x64-mingw32
  x86_64-linux

DEPENDENCIES
  commander
  pry

BUNDLED WITH
   2.2.15
